GIT
  remote: https://github.com/andrewmcodes/foreman.git
  revision: efe04a65e9eb0114700fecab8c0b8c45a20fe333
  specs:
    foreman (0.85.0)
      thor (>= 0.19, < 0.21)

GEM
  remote: https://rubygems.org/
  specs:
    ace-rails-ap (4.3)
    actioncable (6.0.2.2)
      actionpack (= 6.0.2.2)
      nio4r (~> 2.0)
      websocket-driver (>= 0.6.1)
    actionmailbox (6.0.2.2)
      actionpack (= 6.0.2.2)
      activejob (= 6.0.2.2)
      activerecord (= 6.0.2.2)
      activestorage (= 6.0.2.2)
      activesupport (= 6.0.2.2)
      mail (>= 2.7.1)
    actionmailer (6.0.2.2)
      actionpack (= 6.0.2.2)
      actionview (= 6.0.2.2)
      activejob (= 6.0.2.2)
      mail (~> 2.5, >= 2.5.4)
      rails-dom-testing (~> 2.0)
    actionpack (6.0.2.2)
      actionview (= 6.0.2.2)
      activesupport (= 6.0.2.2)
      rack (~> 2.0, >= 2.0.8)
      rack-test (>= 0.6.3)
      rails-dom-testing (~> 2.0)
      rails-html-sanitizer (~> 1.0, >= 1.2.0)
    actiontext (6.0.2.2)
      actionpack (= 6.0.2.2)
      activerecord (= 6.0.2.2)
      activestorage (= 6.0.2.2)
      activesupport (= 6.0.2.2)
      nokogiri (>= 1.8.5)
    actionview (6.0.2.2)
      activesupport (= 6.0.2.2)
      builder (~> 3.1)
      erubi (~> 1.4)
      rails-dom-testing (~> 2.0)
      rails-html-sanitizer (~> 1.1, >= 1.2.0)
    activejob (6.0.2.2)
      activesupport (= 6.0.2.2)
      globalid (>= 0.3.6)
    activemodel (6.0.2.2)
      activesupport (= 6.0.2.2)
    activerecord (6.0.2.2)
      activemodel (= 6.0.2.2)
      activesupport (= 6.0.2.2)
    activestorage (6.0.2.2)
      actionpack (= 6.0.2.2)
      activejob (= 6.0.2.2)
      activerecord (= 6.0.2.2)
      marcel (~> 0.3.1)
    activesupport (6.0.2.2)
      concurrent-ruby (~> 1.0, >= 1.0.2)
      i18n (>= 0.7, < 2)
      minitest (~> 5.1)
      tzinfo (~> 1.1)
      zeitwerk (~> 2.2)
    addressable (2.7.0)
      public_suffix (>= 2.0.2, < 5.0)
    airbrussh (1.3.3)
      sshkit (>= 1.6.1, != 1.7.0)
    annotate (3.1.1)
      activerecord (>= 3.2, < 7.0)
      rake (>= 10.4, < 14.0)
    ast (2.4.0)
    autoprefixer-rails (9.7.5)
      execjs
    bcrypt (3.1.13)
    bcrypt_pbkdf (1.0.1)
    bindex (0.8.1)
    bootsnap (1.4.6)
      msgpack (~> 1.0)
    bootstrap_tokenfield_rails (0.12.1)
    builder (3.2.4)
    byebug (11.1.1)
    capistrano (3.11.0)
      airbrussh (>= 1.0.0)
      i18n
      rake (>= 10.0.0)
      sshkit (>= 1.9.0)
    capistrano-bundler (1.6.0)
      capistrano (~> 3.1)
    capistrano-passenger (0.2.0)
      capistrano (~> 3.0)
    capistrano-rails (1.4.0)
      capistrano (~> 3.1)
      capistrano-bundler (~> 1.1)
    capistrano-rvm (0.1.2)
      capistrano (~> 3.0)
      sshkit (~> 1.2)
    capistrano-yarn (2.0.2)
      capistrano (~> 3.0)
    capistrano3-delayed-job (1.7.6)
      capistrano (~> 3.0, >= 3.0.0)
      daemons (~> 1.3)
    capybara (3.32.1)
      addressable
      mini_mime (>= 0.1.3)
      nokogiri (~> 1.8)
      rack (>= 1.6.0)
      rack-test (>= 0.6.3)
      regexp_parser (~> 1.5)
      xpath (~> 3.2)
    childprocess (3.0.0)
    codecov (0.1.16)
      json
      simplecov
      url
    commonjs (0.2.7)
    concurrent-ruby (1.1.6)
    crass (1.0.6)
    css_parser (1.7.1)
      addressable
    daemons (1.3.1)
    dalli (2.7.10)
    delayed_job (4.1.8)
      activesupport (>= 3.0, < 6.1)
    delayed_job_active_record (4.1.4)
      activerecord (>= 3.0, < 6.1)
      delayed_job (>= 3.0, < 5)
    delayed_job_web (1.4.3)
      activerecord (> 3.0.0)
      delayed_job (> 2.0.3)
      rack-protection (>= 1.5.5)
      sinatra (>= 1.4.4)
    devise (4.7.1)
      bcrypt (~> 3.0)
      orm_adapter (~> 0.1)
      railties (>= 4.1.0)
      responders
      warden (~> 1.2.3)
    devise_saml_authenticatable (1.5.0)
      devise (> 2.0.0)
      ruby-saml (~> 1.7)
    diff-lcs (1.3)
    docile (1.3.2)
    docker-api (1.34.2)
      excon (>= 0.47.0)
      multi_json
    ed25519 (1.2.4)
    erubi (1.9.0)
    exception_notification (4.4.0)
      actionmailer (>= 4.0, < 7)
      activesupport (>= 4.0, < 7)
    excon (0.71.0)
    execjs (2.7.0)
    factory_bot (5.1.1)
      activesupport (>= 4.2.0)
    factory_bot_rails (5.1.1)
      factory_bot (~> 5.1.0)
      railties (>= 4.2.0)
    faker (2.11.0)
      i18n (>= 1.6, < 2)
    faraday (0.15.4)
      multipart-post (>= 1.2, < 3)
    ffi (1.11.3)
    globalid (0.4.2)
      activesupport (>= 4.2.0)
    has_scope (0.7.2)
      actionpack (>= 4.1)
      activesupport (>= 4.1)
    hashie (4.1.0)
    htmlentities (4.3.4)
    httparty (0.18.0)
      mime-types (~> 3.0)
      multi_xml (>= 0.5.2)
    i18n (1.8.2)
      concurrent-ruby (~> 1.0)
    i18n-js (3.6.0)
      i18n (>= 0.6.6)
    image_processing (1.10.3)
      mini_magick (>= 4.9.5, < 5)
      ruby-vips (>= 2.0.17, < 3)
    jaro_winkler (1.5.4)
    jbuilder (2.10.0)
      activesupport (>= 5.0.0)
    json (2.3.0)
    json-schema (2.8.1)
      addressable (>= 2.4)
    jwt (2.2.1)
    kramdown (2.1.0)
    kramdown-parser-gfm (1.1.0)
      kramdown (~> 2.0)
    launchy (2.4.3)
      addressable (~> 2.3)
    less (2.6.0)
      commonjs (~> 0.2.7)
    less-rails (4.0.0)
      actionpack (>= 4)
      less (~> 2.6.0)
      sprockets (>= 2)
    letter_opener (1.7.0)
      launchy (~> 2.2)
    libv8 (3.16.14.19)
    listen (3.2.1)
      rb-fsevent (~> 0.10, >= 0.10.3)
      rb-inotify (~> 0.9, >= 0.9.10)
    loofah (2.5.0)
      crass (~> 1.0.2)
      nokogiri (>= 1.5.9)
    mail (2.7.1)
      mini_mime (>= 0.1.1)
    mail_form (1.8.0)
      actionmailer (>= 5.0)
      activemodel (>= 5.0)
    marcel (0.3.3)
      mimemagic (~> 0.3.2)
    method_source (1.0.0)
    mime-types (3.3.1)
      mime-types-data (~> 3.2015)
    mime-types-data (3.2019.1009)
    mimemagic (0.3.4)
    mini_magick (4.10.1)
    mini_mime (1.0.2)
    mini_portile2 (2.4.0)
    minitest (5.14.0)
    minitest-ci (3.4.0)
      minitest (>= 5.0.6)
    minitest-utils (0.4.6)
      minitest
    mocha (1.11.2)
    msgpack (1.3.3)
    multi_json (1.13.1)
    multi_xml (0.6.0)
    multipart-post (2.1.1)
    mustermann (1.1.1)
      ruby2_keywords (~> 0.0.1)
    mysql2 (0.5.3)
    net-scp (2.0.0)
      net-ssh (>= 2.6.5, < 6.0.0)
    net-ssh (5.2.0)
    nio4r (2.5.2)
    nokogiri (1.10.9)
      mini_portile2 (~> 2.4.0)
    oauth2 (1.4.1)
      faraday (>= 0.8, < 0.16.0)
      jwt (>= 1.0, < 3.0)
      multi_json (~> 1.3)
      multi_xml (~> 0.5)
      rack (>= 1.2, < 3)
    omniauth (1.9.1)
      hashie (>= 3.4.6)
      rack (>= 1.6.2, < 3)
    omniauth-google-oauth2 (0.8.0)
      jwt (>= 2.0)
      omniauth (>= 1.1.1)
      omniauth-oauth2 (>= 1.6)
    omniauth-oauth2 (1.6.0)
      oauth2 (~> 1.1)
      omniauth (~> 1.9)
    orm_adapter (0.5.0)
    parallel (1.19.1)
    parser (2.7.1.0)
      ast (~> 2.4.0)
    possibly (1.0.1)
    premailer (1.11.1)
      addressable
      css_parser (>= 1.6.0)
      htmlentities (>= 4.0.0)
    premailer-rails (1.11.0)
      actionmailer (>= 3)
      premailer (~> 1.7, >= 1.7.9)
    pretender (0.3.4)
      actionpack (>= 4.2)
    public_suffix (4.0.4)
    puma (4.3.3)
      nio4r (~> 2.0)
    pundit (2.1.0)
      activesupport (>= 3.0.0)
    rack (2.2.2)
    rack-protection (2.0.8.1)
      rack
    rack-proxy (0.6.5)
      rack
    rack-test (1.1.0)
      rack (>= 1.0, < 3)
    rails (6.0.2.2)
      actioncable (= 6.0.2.2)
      actionmailbox (= 6.0.2.2)
      actionmailer (= 6.0.2.2)
      actionpack (= 6.0.2.2)
      actiontext (= 6.0.2.2)
      actionview (= 6.0.2.2)
      activejob (= 6.0.2.2)
      activemodel (= 6.0.2.2)
      activerecord (= 6.0.2.2)
      activestorage (= 6.0.2.2)
      activesupport (= 6.0.2.2)
      bundler (>= 1.3.0)
      railties (= 6.0.2.2)
      sprockets-rails (>= 2.0.0)
    rails-controller-testing (1.0.4)
      actionpack (>= 5.0.1.x)
      actionview (>= 5.0.1.x)
      activesupport (>= 5.0.1.x)
    rails-dom-testing (2.0.3)
      activesupport (>= 4.2.0)
      nokogiri (>= 1.6)
    rails-html-sanitizer (1.3.0)
      loofah (~> 2.3)
    rails-i18n (6.0.0)
      i18n (>= 0.7, < 2)
      railties (>= 6.0.0, < 7)
    rails_server_timings (1.0.8)
      railties (>= 3.0.0)
    railties (6.0.2.2)
      actionpack (= 6.0.2.2)
      activesupport (= 6.0.2.2)
      method_source
      rake (>= 0.8.7)
      thor (>= 0.20.3, < 2.0)
    rainbow (3.0.0)
    rake (13.0.1)
    rb-fsevent (0.10.3)
    rb-inotify (0.10.0)
      ffi (~> 1.0)
    rb-readline (0.5.5)
    recaptcha (5.5.0)
      json
    ref (2.0.0)
    regexp_parser (1.7.0)
    responders (3.0.0)
      actionpack (>= 5.0)
      railties (>= 5.0)
    rexml (3.2.4)
    rouge (3.17.0)
    rubocop (0.81.0)
      jaro_winkler (~> 1.5.1)
      parallel (~> 1.10)
      parser (>= 2.7.0.1)
      rainbow (>= 2.2.2, < 4.0)
      rexml
      ruby-progressbar (~> 1.7)
      unicode-display_width (>= 1.4.0, < 2.0)
    rubocop-rails (2.5.1)
      activesupport
      rack (>= 1.1)
      rubocop (>= 0.72.0)
    ruby-progressbar (1.10.1)
    ruby-saml (1.11.0)
      nokogiri (>= 1.5.10)
    ruby-vips (2.0.17)
      ffi (~> 1.9)
    ruby2_keywords (0.0.1)
    rubyzip (2.3.0)
    selenium-webdriver (3.142.7)
      childprocess (>= 0.5, < 4.0)
      rubyzip (>= 1.2.2)
    semantic_range (2.3.0)
    simplecov (0.18.5)
      docile (~> 1.1)
      simplecov-html (~> 0.11)
    simplecov-html (0.12.2)
    sinatra (2.0.8.1)
      mustermann (~> 1.0)
      rack (~> 2.0)
      rack-protection (= 2.0.8.1)
      tilt (~> 2.0)
    slack-notifier (2.3.2)
    spring (2.1.0)
    spring-watcher-listen (2.0.1)
      listen (>= 2.7, < 4.0)
      spring (>= 1.2, < 3.0)
    sprockets (3.7.2)
      concurrent-ruby (~> 1.0)
      rack (> 1, < 3)
    sprockets-rails (3.2.1)
      actionpack (>= 4.0)
      activesupport (>= 4.0)
      sprockets (>= 3.0.0)
    sshkit (1.20.0)
      net-scp (>= 1.1.2)
      net-ssh (>= 2.8.0)
    therubyracer (0.12.3)
      libv8 (~> 3.16.14.15)
      ref
    thor (0.20.3)
    thread_safe (0.3.6)
    tilt (2.0.10)
    tzinfo (1.2.7)
      thread_safe (~> 0.1)
    uglifier (4.2.0)
      execjs (>= 0.3.0, < 3)
    unicode-display_width (1.7.0)
    url (0.3.2)
    warden (1.2.8)
      rack (>= 2.0.6)
    web-console (4.0.1)
      actionview (>= 6.0.0)
      activemodel (>= 6.0.0)
      bindex (>= 0.4.0)
      railties (>= 6.0.0)
    webpacker (5.0.1)
      activesupport (>= 5.2)
      rack-proxy (>= 0.6.1)
      railties (>= 5.2)
      semantic_range (>= 2.3.0)
    websocket-driver (0.7.1)
      websocket-extensions (>= 0.1.0)
    websocket-extensions (0.1.4)
    will_paginate (3.3.0)
    xpath (3.2.0)
      nokogiri (~> 1.8)
    zeitwerk (2.3.0)

PLATFORMS
  ruby

DEPENDENCIES
  ace-rails-ap (~> 4.3)
  annotate (~> 3.1.1)
  autoprefixer-rails (~> 9.7.5)
  bcrypt_pbkdf
  bootsnap (~> 1.4.6)
  bootstrap_tokenfield_rails (~> 0.12.1)
  builder (~> 3.2.4)
  byebug (~> 11.1.1)
  capistrano-passenger (~> 0.2.0)
  capistrano-rails (~> 1.4.0)
  capistrano-rvm (~> 0.1.2)
  capistrano-yarn (~> 2.0.2)
  capistrano3-delayed-job (~> 1.7.6)
  capybara (~> 3.32.1)
  codecov (~> 0.1.16)
  daemons (~> 1.3)
  dalli (~> 2.7.10)
  delayed_job_active_record (~> 4.1.4)
  delayed_job_web (~> 1.4.3)
  devise (~> 4.7.1)
  devise_saml_authenticatable (~> 1.5.0)
  diff-lcs (~> 1.3)
  docker-api (~> 1.34.2)
  ed25519
  exception_notification (~> 4.4.0)
  factory_bot_rails (~> 5.1.1)
  faker (~> 2.11.0)
  foreman!
  has_scope (~> 0.7.2)
  httparty (~> 0.18.0)
  i18n-js (~> 3.6.0)
  image_processing (~> 1.10.3)
  jbuilder (~> 2.10.0)
  json-schema (~> 2.8.1)
  jwt (~> 2.2.1)
  kramdown (~> 2.1.0)
  kramdown-parser-gfm (~> 1.1.0)
  less-rails (~> 4.0)
  letter_opener (~> 1.7.0)
  listen (~> 3.2.1)
  mail_form (~> 1.8.0)
  minitest-ci (~> 3.4.0)
  minitest-utils (~> 0.4.6)
  mocha (~> 1.11.2)
  mysql2 (~> 0.5.3)
  nokogiri (~> 1.10.9)
  omniauth-google-oauth2 (~> 0.8.0)
  omniauth-oauth2 (~> 1.6.0)
  possibly (~> 1.0.1)
  premailer-rails (~> 1.11.0)
  pretender (~> 0.3.4)
  puma (~> 4.3.3)
  pundit (~> 2.1.0)
  rails (~> 6.0.2)
  rails-controller-testing (~> 1.0.4)
  rails-i18n (~> 6.0.0)
  rails_server_timings (~> 1.0.8)
  rb-readline (~> 0.5.5)
  recaptcha (~> 5.5.0)
  rouge (= 3.17.0)
  rubocop-rails (~> 2.5.1)
  rubyzip (~> 2.3.0)
  selenium-webdriver (~> 3.142.7)
  simplecov (~> 0.18.5)
  sinatra (~> 2.0.8)
  slack-notifier (~> 2.3.2)
  spring (~> 2.1.0)
  spring-watcher-listen (~> 2.0.1)
  sprockets (< 4.0)
  therubyracer
  tzinfo-data
  uglifier (>= 4.1.20)
  web-console (~> 4.0.1)
  webpacker (~> 5.0.1)
  will_paginate (~> 3.3.0)

RUBY VERSION
   ruby 2.6.6p146

BUNDLED WITH
   2.1.4
